STORAGE: NONE
STRATEGY: MIN
LOWEST_MATCHING: TRUE
RESTRICTION: == netstandard2.0
NUGET
  remote: https://api.nuget.org/v3/index.json
    FSharp.Core (5.0)
    System.Reflection.Emit.ILGeneration (4.7)
    System.Reflection.Emit.Lightweight (4.7)
      System.Reflection.Emit.ILGeneration (>= 4.7)
    TypeShape (10.0)
      FSharp.Core (>= 4.5.4)
      System.Reflection.Emit.Lightweight (>= 4.7)

GROUP test
STORAGE: NONE
RESTRICTION: == net8.0
NUGET
  remote: https://api.nuget.org/v3/index.json
    FsCheck (2.16.6)
      FSharp.Core (>= 4.2.3)
    FsCheck.Xunit (2.16.6)
      FsCheck (2.16.6)
      xunit.extensibility.execution (>= 2.2 < 3.0)
    FSharp.Core (8.0.400)
    Microsoft.CodeCoverage (17.11.1)
    Microsoft.NET.Test.Sdk (17.11.1)
      Microsoft.CodeCoverage (>= 17.11.1)
      Microsoft.TestPlatform.TestHost (>= 17.11.1)
    Microsoft.TestPlatform.ObjectModel (17.11.1)
      System.Reflection.Metadata (>= 1.6)
    Microsoft.TestPlatform.TestHost (17.11.1)
      Microsoft.TestPlatform.ObjectModel (>= 17.11.1)
      Newtonsoft.Json (>= 13.0.1)
    Newtonsoft.Json (13.0.3)
    System.Collections.Immutable (8.0)
    System.Reflection.Metadata (8.0)
      System.Collections.Immutable (>= 8.0)
    xunit (2.9)
      xunit.analyzers (>= 1.15)
      xunit.assert (>= 2.9)
      xunit.core (2.9)
    xunit.abstractions (2.0.3)
    xunit.analyzers (1.16)
    xunit.assert (2.9)
    xunit.core (2.9)
      xunit.extensibility.core (2.9)
      xunit.extensibility.execution (2.9)
    xunit.extensibility.core (2.9)
      xunit.abstractions (>= 2.0.3)
    xunit.extensibility.execution (2.9)
      xunit.extensibility.core (2.9)
    xunit.runner.visualstudio (2.8.2)
